GIT
  remote: https://github.com/aaronpk/omniauth-beeminder
  revision: feeb76cc20ae0dfb3f3a5729296357120d3e9ec1
  specs:
    omniauth-beeminder (0.1.0)
      omniauth-oauth2 (>= 1.1.1)

GEM
  remote: https://rubygems.org/
  specs:
    activesupport (4.2.1)
      i18n (~> 0.7)
      json (~> 1.7, >= 1.7.7)
      minitest (~> 5.1)
      thread_safe (~> 0.3, >= 0.3.4)
      tzinfo (~> 1.1)
    addressable (2.3.8)
    backports (3.6.4)
    base32 (0.3.2)
    builder (3.2.2)
    daemons (1.2.2)
    dalli (2.7.4)
    domain_name (0.5.24)
      unf (>= 0.0.5, < 1.0.0)
    encryptor (1.3.0)
    erubis (2.7.0)
    escape_utils (1.2.1)
    eventmachine (1.0.7)
    faraday (0.9.1)
      multipart-post (>= 1.2, < 3)
    gpgme (2.0.8)
      mini_portile (>= 0.5.0)
    hashie (3.4.1)
    http-cookie (1.0.2)
      domain_name (~> 0.5)
    httparty (0.15.5)
      multi_xml (>= 0.5.2)
    i18n (0.7.0)
    json (1.8.6)
    jwt (1.4.1)
    kgio (2.9.3)
    mailgun (0.8)
      rest-client
    mechanize (2.7.3)
      domain_name (~> 0.5, >= 0.5.1)
      http-cookie (~> 1.0)
      mime-types (~> 2.0)
      net-http-digest_auth (~> 1.1, >= 1.1.1)
      net-http-persistent (~> 2.5, >= 2.5.2)
      nokogiri (~> 1.4)
      ntlm-http (~> 0.1, >= 0.1.1)
      webrobots (>= 0.0.9, < 0.2)
    microformats2 (2.0.1)
      activesupport
      json
      nokogiri
    mime-types (2.4.3)
    mini_portile (0.6.2)
    minitest (5.6.0)
    multi_json (1.11.0)
    multi_xml (0.6.0)
    multipart-post (2.0.0)
    net-http-digest_auth (1.4)
    net-http-persistent (2.9.4)
    netrc (0.10.3)
    nokogiri (1.6.6.2)
      mini_portile (~> 0.6.0)
    ntlm-http (0.1.1)
    oauth (0.4.7)
    oauth2 (0.9.4)
      faraday (>= 0.8, < 0.10)
      jwt (~> 1.0)
      multi_json (~> 1.3)
      multi_xml (~> 0.5)
      rack (~> 1.2)
    omniauth (1.2.2)
      hashie (>= 1.2, < 4)
      rack (~> 1.0)
    omniauth-eventbrite (0.0.5)
      omniauth-oauth2 (~> 1.1.0)
    omniauth-facebook (1.6.0)
      omniauth-oauth2 (~> 1.1)
    omniauth-flickr (0.0.18)
      multi_json (~> 1.11.0)
      omniauth-oauth (~> 1.0)
    omniauth-github (1.1.2)
      omniauth (~> 1.0)
      omniauth-oauth2 (~> 1.1)
    omniauth-google-oauth2 (0.2.6)
      omniauth (> 1.0)
      omniauth-oauth2 (~> 1.1)
    omniauth-lastfm (0.0.6)
      omniauth-oauth (~> 1.0)
      rest-client (>= 1.6.6, < 1.8)
    omniauth-oauth (1.0.1)
      oauth
      omniauth (~> 1.0)
    omniauth-oauth2 (1.1.2)
      faraday (>= 0.8, < 0.10)
      multi_json (~> 1.3)
      oauth2 (~> 0.9.3)
      omniauth (~> 1.2)
    omniauth-openid (1.0.1)
      omniauth (~> 1.0)
      rack-openid (~> 1.3.1)
    omniauth-twitter (1.1.0)
      multi_json (~> 1.3)
      omniauth-oauth (~> 1.0)
    puma (2.11.2)
      rack (>= 1.1, < 2.0)
    rack (1.6.0)
    rack-accept (0.4.5)
      rack (>= 0.4)
    rack-openid (1.3.1)
      rack (>= 1.1.0)
      ruby-openid (>= 2.1.8)
    rack-protection (1.5.3)
      rack
    rack-test (0.6.3)
      rack (>= 1.0)
    rainbows (4.6.2)
      kgio (~> 2.5)
      rack (~> 1.1)
      unicorn (~> 4.8)
    raindrops (0.13.0)
    rake (10.4.2)
    redis (3.2.1)
    rest-client (1.7.3)
      mime-types (>= 1.16, < 3.0)
      netrc (~> 0.7)
    ruby-openid (2.7.0)
    rufus-scheduler (3.1.2)
    shotgun (0.9.1)
      rack (>= 1.0)
    sinatra (1.4.6)
      rack (~> 1.4)
      rack-protection (~> 1.4)
      tilt (>= 1.3, < 3)
    sinatra-contrib (1.4.2)
      backports (>= 2.0)
      multi_json
      rack-protection
      rack-test
      sinatra (~> 1.4.0)
      tilt (~> 1.3)
    sinatra-namespace (1.0)
      sinatra-contrib
    sinatra-support (1.2.2)
      sinatra (>= 1.0)
    thin (1.6.3)
      daemons (~> 1.0, >= 1.0.9)
      eventmachine (~> 1.0)
      rack (~> 1.0)
    thread_safe (0.3.5)
    tilt (1.4.1)
    twilio-ruby (4.0.0)
      builder (>= 2.1.2)
      jwt (~> 1.0)
      multi_json (>= 1.3.0)
    tzinfo (1.2.2)
      thread_safe (~> 0.1)
    unf (0.1.4)
      unf_ext
    unf_ext (0.0.7.1)
    unicorn (4.8.3)
      kgio (~> 2.6)
      rack
      raindrops (~> 0.7)
    unshorten (0.3.2)
    webrobots (0.1.1)

PLATFORMS
  ruby

DEPENDENCIES
  addressable
  base32
  dalli
  encryptor
  erubis
  escape_utils
  gpgme
  hashie
  httparty
  json
  jwt
  mailgun
  mechanize
  microformats2
  omniauth
  omniauth-beeminder!
  omniauth-eventbrite
  omniauth-facebook
  omniauth-flickr
  omniauth-github
  omniauth-google-oauth2
  omniauth-lastfm
  omniauth-openid
  omniauth-twitter
  puma
  rack-accept
  rainbows
  rake
  redis
  rest-client
  ruby-openid
  rufus-scheduler
  shotgun
  sinatra
  sinatra-namespace
  sinatra-support
  thin
  twilio-ruby
  unshorten (>= 0.2.1)

BUNDLED WITH
   1.15.0
